NUGET
  remote: https://www.nuget.org/api/v2
    NuGet.CommandLine (5.5.1)
